GEM
  remote: https://rubygems.org/
  specs:
    activesupport (5.0.0.1)
      concurrent-ruby (~> 1.0, >= 1.0.2)
      i18n (~> 0.7)
      minitest (~> 5.1)
      tzinfo (~> 1.1)
    addressable (2.4.0)
    concurrent-ruby (1.0.2)
    crack (0.4.3)
      safe_yaml (~> 1.0.0)
    dbf (3.0.7)
    diff-lcs (1.2.5)
    dr-ffi-proj4 (0.0.3)
      ffi (>= 1.0.0)
    ffi (1.9.14)
    ffi-geos (1.1.1)
      ffi (>= 1.0.0)
    geokit (1.6.7)
      multi_json (>= 1.3.2)
    georuby (2.5.2)
    georuby-ext (0.0.5)
      activesupport (>= 3.2.6)
      dbf
      dr-ffi-proj4 (>= 0.0.3)
      ffi-geos (>= 0.1.1)
      geokit (= 1.6.7)
      georuby (>= 1.9.8)
      rgeo (>= 0.3.20)
    hashdiff (0.3.0)
    i18n (0.7.0)
    minitest (5.9.0)
    multi_json (1.12.1)
    rack (1.6.4)
    rack-protection (1.5.3)
      rack
    rack-test (0.6.3)
      rack (>= 1.0)
    rgeo (0.5.3)
    rspec (3.4.0)
      rspec-core (~> 3.4.0)
      rspec-expectations (~> 3.4.0)
      rspec-mocks (~> 3.4.0)
    rspec-core (3.4.4)
      rspec-support (~> 3.4.0)
    rspec-expectations (3.4.0)
      diff-lcs (>= 1.2.0, < 2.0)
      rspec-support (~> 3.4.0)
    rspec-mocks (3.4.1)
      diff-lcs (>= 1.2.0, < 2.0)
      rspec-support (~> 3.4.0)
    rspec-support (3.4.1)
    safe_yaml (1.0.4)
    sinatra (1.4.7)
      rack (~> 1.5)
      rack-protection (~> 1.4)
      tilt (>= 1.3, < 3)
    slim (3.0.7)
      temple (~> 0.7.6)
      tilt (>= 1.3.3, < 2.1)
    temple (0.7.7)
    thread_safe (0.3.5)
    tilt (2.0.5)
    tzinfo (1.2.2)
      thread_safe (~> 0.1)
    vcr (3.0.3)
    webmock (2.1.0)
      addressable (>= 2.3.6)
      crack (>= 0.3.2)
      hashdiff

PLATFORMS
  ruby

DEPENDENCIES
  georuby
  georuby-ext
  rack-test
  rgeo
  rspec
  sinatra
  slim
  vcr
  webmock

BUNDLED WITH
   1.12.5
